NUGET
  remote: https://www.nuget.org/api/v2
    BenchmarkDotNet (0.9.9)
      BenchmarkDotNet.Core (>= 0.9.9) - framework: >= netstandard15
      BenchmarkDotNet.Toolchains.Roslyn (>= 0.9.9) - framework: >= net45
    BenchmarkDotNet.Core (0.9.9) - framework: >= net45, >= netstandard15
      Microsoft.CSharp (>= 4.0.1) - framework: >= netstandard15
      Microsoft.DotNet.InternalAbstractions (>= 1.0) - framework: >= netstandard15
      Microsoft.Win32.Primitives (>= 4.0.1) - framework: >= netstandard15
      System.Console (>= 4.0) - framework: >= netstandard15
      System.Diagnostics.Debug (>= 4.0.11) - framework: >= netstandard15
      System.Diagnostics.Process (>= 4.1) - framework: >= netstandard15
      System.Diagnostics.Tools (>= 4.0.1) - framework: >= netstandard15
      System.IO.FileSystem (>= 4.0.1) - framework: >= netstandard15
      System.Linq (>= 4.1) - framework: >= netstandard15
      System.Reflection (>= 4.1) - framework: >= netstandard15
      System.Reflection.Extensions (>= 4.0.1) - framework: >= netstandard15
      System.Reflection.Primitives (>= 4.0.1) - framework: >= netstandard15
      System.Reflection.TypeExtensions (>= 4.1) - framework: >= netstandard15
      System.Resources.ResourceManager (>= 4.0.1) - framework: >= netstandard15
      System.Runtime.InteropServices (>= 4.1) - framework: >= netstandard15
      System.Runtime.InteropServices.RuntimeInformation (>= 4.0) - framework: >= netstandard15
      System.Runtime.Serialization.Primitives (>= 4.1.1) - framework: >= netstandard15
      System.Text.RegularExpressions (>= 4.1) - framework: >= netstandard15
      System.Threading (>= 4.0.11) - framework: >= netstandard15
      System.Threading.Tasks.Extensions (>= 4.0) - framework: >= net45, >= netstandard15
      System.Threading.Thread (>= 4.0) - framework: >= netstandard15
      System.Xml.XPath.XmlDocument (>= 4.0.1) - framework: >= netstandard15
    BenchmarkDotNet.Diagnostics.Windows (0.9.9)
      BenchmarkDotNet (>= 0.9.9) - framework: >= net45
      Microsoft.Diagnostics.Tracing.TraceEvent (>= 1.0.41) - framework: >= net45
    BenchmarkDotNet.Toolchains.Roslyn (0.9.9) - framework: >= net45
      BenchmarkDotNet.Core (>= 0.9.9) - framework: >= net45
      Microsoft.CodeAnalysis.CSharp (>= 1.3.2) - framework: >= net45
      System.Threading.Tasks (>= 4.0) - framework: >= net45
    FParsec (1.0.2)
    FsCheck (2.6)
      FSharp.Core (>= 3.1.2.5)
    FSharp.Core (4.0.0.1)
    FSharp.Data.GraphQL.Client (0.0.1-beta)
      FParsec (>= 1.0.2)
    FSharp.Data.GraphQL.Server (0.0.1-beta)
      FParsec (>= 1.0.2)
      Hopac (>= 0.2.1)
    FSharp.Data.TypeProviders (5.0.0.2)
      FSharp.Core (>= 3.1.2.5)
    Hopac (0.3.15)
    Microsoft.CodeAnalysis.Analyzers (1.1) - framework: >= net46
    Microsoft.CodeAnalysis.Common (1.3.2) - framework: >= net45
      Microsoft.CodeAnalysis.Analyzers (>= 1.1) - framework: >= net46, >= netstandard13, portable-net45+win8
      System.AppContext (>= 4.1) - framework: >= net46, >= netstandard13
      System.Collections (>= 4.0.11) - framework: >= net46, >= netstandard13
      System.Collections.Concurrent (>= 4.0.12) - framework: >= net46, >= netstandard13
      System.Collections.Immutable (>= 1.2) - framework: >= net46, >= netstandard13
      System.Console (>= 4.0) - framework: >= net46, >= netstandard13
      System.Diagnostics.Debug (>= 4.0.11) - framework: >= net46, >= netstandard13
      System.Diagnostics.FileVersionInfo (>= 4.0) - framework: >= net46, >= netstandard13
      System.Diagnostics.StackTrace (>= 4.0.1) - framework: >= net46, >= netstandard13
      System.Diagnostics.Tools (>= 4.0.1) - framework: >= net46, >= netstandard13
      System.Dynamic.Runtime (>= 4.0.11) - framework: >= net46, >= netstandard13
      System.Globalization (>= 4.0.11) - framework: >= net46, >= netstandard13
      System.IO.FileSystem (>= 4.0.1) - framework: >= net46, >= netstandard13
      System.IO.FileSystem.Primitives (>= 4.0.1) - framework: >= net46, >= netstandard13
      System.Linq (>= 4.1) - framework: >= net46, >= netstandard13
      System.Linq.Expressions (>= 4.1) - framework: >= net46, >= netstandard13
      System.Reflection (>= 4.1) - framework: >= net46, >= netstandard13
      System.Reflection.Metadata (>= 1.3) - framework: >= net46, >= netstandard13
      System.Reflection.Primitives (>= 4.0.1) - framework: >= net46, >= netstandard13
      System.Resources.ResourceManager (>= 4.0.1) - framework: >= net46, >= netstandard13
      System.Runtime (>= 4.1) - framework: >= net46, >= netstandard13
      System.Runtime.Extensions (>= 4.1) - framework: >= net46, >= netstandard13
      System.Runtime.Handles (>= 4.0.1) - framework: >= net46, >= netstandard13
      System.Runtime.InteropServices (>= 4.1) - framework: >= net46, >= netstandard13
      System.Runtime.Numerics (>= 4.0.1) - framework: >= net46, >= netstandard13
      System.Security.Cryptography.Algorithms (>= 4.2) - framework: >= net46, >= netstandard13
      System.Security.Cryptography.Encoding (>= 4.0) - framework: >= net46, >= netstandard13
      System.Security.Cryptography.X509Certificates (>= 4.1) - framework: >= net46, >= netstandard13
      System.Text.Encoding (>= 4.0.11) - framework: >= net46, >= netstandard13
      System.Text.Encoding.CodePages (>= 4.0.1) - framework: >= net46, >= netstandard13
      System.Text.Encoding.Extensions (>= 4.0.11) - framework: >= net46, >= netstandard13
      System.Threading (>= 4.0.11) - framework: >= net46, >= netstandard13
      System.Threading.Tasks (>= 4.0.11) - framework: >= net46, >= netstandard13
      System.Threading.Tasks.Parallel (>= 4.0.1) - framework: >= net46, >= netstandard13
      System.Threading.Thread (>= 4.0) - framework: >= net46, >= netstandard13
      System.Xml.ReaderWriter (>= 4.0.11) - framework: >= net46, >= netstandard13
      System.Xml.XDocument (>= 4.0.11) - framework: >= net46, >= netstandard13
      System.Xml.XmlDocument (>= 4.0.1) - framework: >= net46, >= netstandard13
      System.Xml.XPath.XDocument (>= 4.0.1) - framework: >= net46, >= netstandard13
    Microsoft.CodeAnalysis.CSharp (1.3.2) - framework: >= net45
      Microsoft.CodeAnalysis.Common (1.3.2)
    Microsoft.CSharp (4.0.1) - framework: >= netstandard10
      System.Collections (>= 4.0.11) - framework: >= net46, dnxcore50, >= netstandard13
      System.Diagnostics.Debug (>= 4.0.11) - framework: >= net46, dnxcore50, >= netstandard13
      System.Dynamic.Runtime (>= 4.0.11) - framework: >= net46, dnxcore50, >= netstandard10
      System.Globalization (>= 4.0.11) - framework: >= net46, dnxcore50, >= netstandard13
      System.Linq (>= 4.1) - framework: >= net46, dnxcore50, >= netstandard13
      System.Linq.Expressions (>= 4.1) - framework: >= net46, dnxcore50, >= netstandard10
      System.ObjectModel (>= 4.0.12) - framework: >= net46, dnxcore50, >= netstandard13
      System.Reflection (>= 4.1) - framework: >= net46, dnxcore50, >= netstandard13
      System.Reflection.Extensions (>= 4.0.1) - framework: >= net46, dnxcore50, >= netstandard13
      System.Reflection.Primitives (>= 4.0.1) - framework: >= net46, dnxcore50, >= netstandard13
      System.Reflection.TypeExtensions (>= 4.1) - framework: >= net46, dnxcore50, >= netstandard13
      System.Resources.ResourceManager (>= 4.0.1) - framework: >= net46, dnxcore50, >= netstandard13
      System.Runtime (>= 4.1) - framework: >= net46, dnxcore50, >= netstandard10
      System.Runtime.Extensions (>= 4.1) - framework: >= net46, dnxcore50, >= netstandard13
      System.Runtime.InteropServices (>= 4.1) - framework: >= net46, dnxcore50, >= netstandard13
      System.Threading (>= 4.0.11) - framework: >= net46, dnxcore50, >= netstandard13
    Microsoft.Diagnostics.Tracing.TraceEvent (1.0.41) - framework: >= net45
    Microsoft.DotNet.InternalAbstractions (1.0) - framework: >= netstandard15
      System.AppContext (>= 4.1) - framework: >= net46, >= netstandard13
      System.Collections (>= 4.0.11) - framework: >= net46, >= netstandard13
      System.IO (>= 4.1) - framework: >= net46, >= netstandard13
      System.IO.FileSystem (>= 4.0.1) - framework: >= net46, >= netstandard13
      System.Reflection.TypeExtensions (>= 4.1) - framework: >= net46, >= netstandard13
      System.Runtime.Extensions (>= 4.1) - framework: >= net46, >= netstandard13
      System.Runtime.InteropServices (>= 4.1) - framework: >= net46, >= netstandard13
      System.Runtime.InteropServices.RuntimeInformation (>= 4.0) - framework: >= net46, >= netstandard13
    Microsoft.NETCore.Platforms (1.0.1) - framework: net451, net452, net453, net46, >= net46, dnxcore50, >= netstandard10, netstandard11, >= netstandard11, netstandard12, >= netstandard12, netstandard13, >= netstandard13, >= netstandard15
    Microsoft.NETCore.Targets (1.0.1) - framework: net451, net452, net453, net46, >= net46, dnxcore50, >= netstandard10, netstandard11, >= netstandard11, netstandard12, >= netstandard12, netstandard13, >= netstandard13, >= netstandard15
    Microsoft.Win32.Primitives (4.0.1) - framework: >= netstandard15
      Microsoft.NETCore.Platforms (>= 1.0.1) - framework: >= net46, >= netstandard13
      Microsoft.NETCore.Targets (>= 1.0.1) - framework: >= net46, >= netstandard13
      System.Runtime (>= 4.1) - framework: >= net46, >= netstandard13
    Microsoft.Win32.Registry (4.0) - framework: >= netstandard15
      Microsoft.NETCore.Platforms (>= 1.0.1) - framework: >= net46, >= netstandard13
      System.Collections (>= 4.0.11) - framework: >= net46, >= netstandard13
      System.Globalization (>= 4.0.11) - framework: >= net46, >= netstandard13
      System.Resources.ResourceManager (>= 4.0.1) - framework: >= net46, >= netstandard13
      System.Runtime (>= 4.1) - framework: >= net46, >= netstandard13
      System.Runtime.Extensions (>= 4.1) - framework: >= net46, >= netstandard13
      System.Runtime.Handles (>= 4.0.1) - framework: >= net46, >= netstandard13
      System.Runtime.InteropServices (>= 4.1) - framework: >= net46, >= netstandard13
    Newtonsoft.Json (9.0.1)
      Microsoft.CSharp (>= 4.0.1) - framework: >= netstandard10
      System.Collections (>= 4.0.11) - framework: >= netstandard10
      System.Diagnostics.Debug (>= 4.0.11) - framework: >= netstandard10
      System.Dynamic.Runtime (>= 4.0.11) - framework: >= netstandard10
      System.Globalization (>= 4.0.11) - framework: >= netstandard10
      System.IO (>= 4.1) - framework: >= netstandard10
      System.Linq (>= 4.1) - framework: >= netstandard10
      System.Linq.Expressions (>= 4.1) - framework: >= netstandard10
      System.ObjectModel (>= 4.0.12) - framework: >= netstandard10
      System.Reflection (>= 4.1) - framework: >= netstandard10
      System.Reflection.Extensions (>= 4.0.1) - framework: >= netstandard10
      System.Resources.ResourceManager (>= 4.0.1) - framework: >= netstandard10
      System.Runtime (>= 4.1) - framework: >= netstandard10
      System.Runtime.Extensions (>= 4.1) - framework: >= netstandard10
      System.Runtime.Serialization.Primitives (>= 4.1.1) - framework: >= netstandard10
      System.Text.Encoding (>= 4.0.11) - framework: >= netstandard10
      System.Text.Encoding.Extensions (>= 4.0.11) - framework: >= netstandard10
      System.Text.RegularExpressions (>= 4.1) - framework: >= netstandard10
      System.Threading (>= 4.0.11) - framework: >= netstandard10
      System.Threading.Tasks (>= 4.0.11) - framework: >= netstandard10
      System.Xml.ReaderWriter (>= 4.0.11) - framework: >= netstandard10
      System.Xml.XDocument (>= 4.0.11) - framework: >= netstandard10
    runtime.native.System (4.0) - framework: >= netstandard15
      Microsoft.NETCore.Platforms (>= 1.0.1)
      Microsoft.NETCore.Targets (>= 1.0.1)
    runtime.native.System.Security.Cryptography (4.0) - framework: >= net46
      Microsoft.NETCore.Platforms (>= 1.0.1)
      Microsoft.NETCore.Targets (>= 1.0.1)
    Suave (1.1.3)
      FSharp.Core (>= 3.1.2.5)
    System.AppContext (4.1) - framework: >= net46, >= netstandard15
      System.Runtime (>= 4.1) - framework: net46, >= net463, dnxcore50, >= netstandard13
    System.Collections (4.0.11) - framework: >= net46, dnxcore50, >= netstandard10, >= netstandard13, >= netstandard15
      Microsoft.NETCore.Platforms (>= 1.0.1) - framework: >= net46, dnxcore50, >= netstandard10
      Microsoft.NETCore.Targets (>= 1.0.1) - framework: >= net46, dnxcore50, >= netstandard10
      System.Runtime (>= 4.1) - framework: >= net46, dnxcore50, >= netstandard10
    System.Collections.Concurrent (4.0.12) - framework: >= net46
      System.Collections (>= 4.0.11) - framework: >= net46, dnxcore50, >= netstandard13
      System.Diagnostics.Debug (>= 4.0.11) - framework: >= net46, dnxcore50, >= netstandard13
      System.Diagnostics.Tracing (>= 4.1) - framework: >= net46, dnxcore50, >= netstandard13
      System.Globalization (>= 4.0.11) - framework: >= net46, dnxcore50, >= netstandard13
      System.Reflection (>= 4.1) - framework: >= net46, >= netstandard13
      System.Resources.ResourceManager (>= 4.0.1) - framework: >= net46, dnxcore50, >= netstandard13
      System.Runtime (>= 4.1) - framework: net45, >= net46, dnxcore50, >= netstandard11
      System.Runtime.Extensions (>= 4.1) - framework: >= net46, dnxcore50, >= netstandard13
      System.Threading (>= 4.0.11) - framework: >= net46, dnxcore50, >= netstandard13
      System.Threading.Tasks (>= 4.0.11) - framework: net45, >= net46, dnxcore50, >= netstandard11
    System.Collections.Immutable (1.2)
      System.Collections (>= 4.0.11) - framework: >= netstandard10
      System.Diagnostics.Debug (>= 4.0.11) - framework: >= netstandard10
      System.Globalization (>= 4.0.11) - framework: >= netstandard10
      System.Linq (>= 4.1) - framework: >= netstandard10
      System.Resources.ResourceManager (>= 4.0.1) - framework: >= netstandard10
      System.Runtime (>= 4.1) - framework: >= netstandard10
      System.Runtime.Extensions (>= 4.1) - framework: >= netstandard10
      System.Threading (>= 4.0.11) - framework: >= netstandard10
    System.Console (4.0) - framework: >= net46, >= netstandard15
      Microsoft.NETCore.Platforms (>= 1.0.1) - framework: >= net46, >= netstandard13
      Microsoft.NETCore.Targets (>= 1.0.1) - framework: >= net46, >= netstandard13
      System.IO (>= 4.1) - framework: >= net46, >= netstandard13
      System.Runtime (>= 4.1) - framework: >= net46, >= netstandard13
      System.Text.Encoding (>= 4.0.11) - framework: >= net46, >= netstandard13
    System.Diagnostics.Debug (4.0.11) - framework: net46, >= net46, dnxcore50, >= netstandard10, >= netstandard13, >= netstandard15
      Microsoft.NETCore.Platforms (>= 1.0.1) - framework: >= net46, dnxcore50, >= netstandard10
      Microsoft.NETCore.Targets (>= 1.0.1) - framework: >= net46, dnxcore50, >= netstandard10
      System.Runtime (>= 4.1) - framework: >= net46, dnxcore50, >= netstandard10
    System.Diagnostics.FileVersionInfo (4.0) - framework: >= net46
      Microsoft.NETCore.Platforms (>= 1.0.1) - framework: >= net46, dnxcore50, >= netstandard13
      System.Globalization (>= 4.0.11) - framework: >= net46, >= netstandard13
      System.IO (>= 4.1) - framework: >= net46, dnxcore50, >= netstandard13
      System.IO.FileSystem (>= 4.0.1) - framework: >= net46, dnxcore50, >= netstandard13
      System.IO.FileSystem.Primitives (>= 4.0.1) - framework: >= net46, dnxcore50, >= netstandard13
      System.Reflection.Metadata (>= 1.3) - framework: >= net46, dnxcore50, >= netstandard13
      System.Runtime (>= 4.1) - framework: >= net46, dnxcore50, >= netstandard13
      System.Runtime.Extensions (>= 4.1) - framework: >= net46, dnxcore50, >= netstandard13
      System.Runtime.InteropServices (>= 4.1) - framework: >= net46, >= netstandard13
    System.Diagnostics.Process (4.1) - framework: >= netstandard15
      Microsoft.NETCore.Platforms (>= 1.0.1) - framework: >= net461, >= netstandard14
      Microsoft.Win32.Primitives (>= 4.0.1) - framework: >= net461, >= netstandard14
      Microsoft.Win32.Registry (>= 4.0) - framework: >= net461, >= netstandard14
      runtime.native.System (>= 4.0) - framework: >= net461, >= netstandard14
      System.Collections (>= 4.0.11) - framework: >= net461, >= netstandard14
      System.Diagnostics.Debug (>= 4.0.11) - framework: >= net461, >= netstandard14
      System.Globalization (>= 4.0.11) - framework: >= net461, >= netstandard14
      System.IO (>= 4.1) - framework: >= net46, >= netstandard13
      System.IO.FileSystem (>= 4.0.1) - framework: >= net461, >= netstandard14
      System.IO.FileSystem.Primitives (>= 4.0.1) - framework: >= net461, >= netstandard14
      System.Resources.ResourceManager (>= 4.0.1) - framework: >= net461, >= netstandard14
      System.Runtime (>= 4.1) - framework: >= net46, >= netstandard13
      System.Runtime.Extensions (>= 4.1) - framework: >= net461, >= netstandard14
      System.Runtime.Handles (>= 4.0.1) - framework: >= net46, >= netstandard13
      System.Runtime.InteropServices (>= 4.1) - framework: >= net461, >= netstandard14
      System.Text.Encoding (>= 4.0.11) - framework: >= net46, >= netstandard13
      System.Text.Encoding.Extensions (>= 4.0.11) - framework: >= net461, >= netstandard14
      System.Threading (>= 4.0.11) - framework: >= net461, >= netstandard14
      System.Threading.Tasks (>= 4.0.11) - framework: >= net461, >= netstandard14
      System.Threading.Thread (>= 4.0) - framework: >= net461, >= netstandard14
      System.Threading.ThreadPool (>= 4.0.10) - framework: >= net461, >= netstandard14
    System.Diagnostics.StackTrace (4.0.1) - framework: >= net46
      System.Collections.Immutable (>= 1.2) - framework: >= net46, >= netstandard13
      System.IO.FileSystem (>= 4.0.1) - framework: >= net46, >= netstandard13
      System.Reflection (>= 4.1) - framework: >= net46, >= netstandard13
      System.Reflection.Metadata (>= 1.3) - framework: >= net46, >= netstandard13
      System.Runtime (>= 4.1) - framework: >= net46, >= netstandard13
      System.Runtime.Extensions (>= 4.1) - framework: >= net46, >= netstandard13
    System.Diagnostics.Tools (4.0.1) - framework: >= net46, >= netstandard13
      Microsoft.NETCore.Platforms (>= 1.0.1) - framework: dnxcore50, >= netstandard10
      Microsoft.NETCore.Targets (>= 1.0.1) - framework: dnxcore50, >= netstandard10
      System.Runtime (>= 4.1) - framework: dnxcore50, >= netstandard10
    System.Diagnostics.Tracing (4.1) - framework: >= net46
      Microsoft.NETCore.Platforms (>= 1.0.1) - framework: net45, net451, net452, net453, net46, >= net462, dnxcore50, >= netstandard11
      Microsoft.NETCore.Targets (>= 1.0.1) - framework: net45, net451, net452, net453, net46, >= net462, dnxcore50, >= netstandard11
      System.Runtime (>= 4.1) - framework: net45, net451, net452, net453, net46, >= net462, dnxcore50, >= netstandard11
    System.Dynamic.Runtime (4.0.11) - framework: >= net46, >= netstandard10
      System.Collections (>= 4.0.11) - framework: >= net46, dnxcore50, >= netstandard13
      System.Diagnostics.Debug (>= 4.0.11) - framework: >= net46, dnxcore50, >= netstandard13
      System.Globalization (>= 4.0.11) - framework: >= net46, dnxcore50, >= netstandard13
      System.Linq (>= 4.1) - framework: >= net46, dnxcore50, >= netstandard13
      System.Linq.Expressions (>= 4.1) - framework: >= net46, dnxcore50, >= netstandard10
      System.ObjectModel (>= 4.0.12) - framework: >= net46, dnxcore50, >= netstandard10
      System.Reflection (>= 4.1) - framework: >= net46, dnxcore50, >= netstandard10
      System.Reflection.Emit (>= 4.0.1) - framework: >= net46, >= netstandard13
      System.Reflection.Emit.ILGeneration (>= 4.0.1) - framework: >= net46, >= netstandard13
      System.Reflection.Primitives (>= 4.0.1) - framework: >= net46, >= netstandard13
      System.Reflection.TypeExtensions (>= 4.1) - framework: >= net46, dnxcore50, >= netstandard13
      System.Resources.ResourceManager (>= 4.0.1) - framework: >= net46, dnxcore50, >= netstandard13
      System.Runtime (>= 4.1) - framework: >= net46, dnxcore50, >= netstandard10
      System.Runtime.Extensions (>= 4.1) - framework: >= net46, dnxcore50, >= netstandard13
      System.Threading (>= 4.0.11) - framework: >= net46, dnxcore50, >= netstandard13
    System.Globalization (4.0.11) - framework: net46, >= net46, dnxcore50, >= netstandard10, >= netstandard13, >= netstandard15
      Microsoft.NETCore.Platforms (>= 1.0.1) - framework: >= net46, dnxcore50, >= netstandard10
      Microsoft.NETCore.Targets (>= 1.0.1) - framework: >= net46, dnxcore50, >= netstandard10
      System.Runtime (>= 4.1) - framework: >= net46, dnxcore50, >= netstandard10
    System.IO (4.1) - framework: net46, >= net46, dnxcore50, >= netstandard10, netstandard13, >= netstandard13, >= netstandard15
      Microsoft.NETCore.Platforms (>= 1.0.1) - framework: net46, >= net462, dnxcore50, >= netstandard10
      Microsoft.NETCore.Targets (>= 1.0.1) - framework: net46, >= net462, dnxcore50, >= netstandard10
      System.Runtime (>= 4.1) - framework: net46, >= net462, dnxcore50, >= netstandard10
      System.Text.Encoding (>= 4.0.11) - framework: net46, >= net462, dnxcore50, >= netstandard10
      System.Threading.Tasks (>= 4.0.11) - framework: net46, >= net462, dnxcore50, >= netstandard10
    System.IO.FileSystem (4.0.1) - framework: >= net46, >= netstandard13, >= netstandard15
      Microsoft.NETCore.Platforms (>= 1.0.1) - framework: >= netstandard13
      Microsoft.NETCore.Targets (>= 1.0.1) - framework: >= netstandard13
      System.IO (>= 4.1) - framework: >= netstandard13
      System.IO.FileSystem.Primitives (>= 4.0.1) - framework: >= net46, >= netstandard13
      System.Runtime (>= 4.1) - framework: >= netstandard13
      System.Runtime.Handles (>= 4.0.1) - framework: >= netstandard13
      System.Text.Encoding (>= 4.0.11) - framework: >= netstandard13
      System.Threading.Tasks (>= 4.0.11) - framework: >= netstandard13
    System.IO.FileSystem.Primitives (4.0.1) - framework: >= net46, >= netstandard13, >= netstandard15
      System.Runtime (>= 4.1) - framework: >= net46, >= netstandard13
    System.Linq (4.1) - framework: >= net46, dnxcore50, >= netstandard10, >= netstandard13, >= netstandard16
      System.Collections (>= 4.0.11) - framework: >= net463, dnxcore50, >= netstandard10
      System.Diagnostics.Debug (>= 4.0.11) - framework: >= net463, dnxcore50, >= netstandard16
      System.Resources.ResourceManager (>= 4.0.1) - framework: >= net463, dnxcore50, >= netstandard16
      System.Runtime (>= 4.1) - framework: >= net463, dnxcore50, >= netstandard10
      System.Runtime.Extensions (>= 4.1) - framework: >= net463, dnxcore50, >= netstandard16
    System.Linq.Expressions (4.1) - framework: >= net46, dnxcore50, >= netstandard10, >= netstandard13
      System.Collections (>= 4.0.11) - framework: >= net463, dnxcore50, >= netstandard16
      System.Diagnostics.Debug (>= 4.0.11) - framework: >= net463, dnxcore50, >= netstandard16
      System.Globalization (>= 4.0.11) - framework: >= net463, dnxcore50, >= netstandard16
      System.IO (>= 4.1) - framework: >= net463, dnxcore50, >= netstandard16
      System.Linq (>= 4.1) - framework: >= net463, dnxcore50, >= netstandard16
      System.ObjectModel (>= 4.0.12) - framework: >= net463, >= netstandard16
      System.Reflection (>= 4.1) - framework: net46, >= net463, dnxcore50, >= netstandard10
      System.Reflection.Emit (>= 4.0.1) - framework: >= net463, >= netstandard16
      System.Reflection.Emit.ILGeneration (>= 4.0.1) - framework: >= net463, dnxcore50, >= netstandard16
      System.Reflection.Emit.Lightweight (>= 4.0.1) - framework: >= net463, dnxcore50, >= netstandard16
      System.Reflection.Extensions (>= 4.0.1) - framework: >= net463, dnxcore50, >= netstandard16
      System.Reflection.Primitives (>= 4.0.1) - framework: >= net463, dnxcore50, >= netstandard16
      System.Reflection.TypeExtensions (>= 4.1) - framework: >= net463, dnxcore50, >= netstandard16
      System.Resources.ResourceManager (>= 4.0.1) - framework: >= net463, dnxcore50, >= netstandard16
      System.Runtime (>= 4.1) - framework: net46, >= net463, dnxcore50, >= netstandard10
      System.Runtime.Extensions (>= 4.1) - framework: >= net463, dnxcore50, >= netstandard16
      System.Threading (>= 4.0.11) - framework: >= net463, dnxcore50, >= netstandard16
    System.ObjectModel (4.0.12) - framework: >= net46, dnxcore50, >= netstandard10, >= netstandard13, >= netstandard16
      System.Collections (>= 4.0.11) - framework: >= net46, dnxcore50, >= netstandard13
      System.Diagnostics.Debug (>= 4.0.11) - framework: >= net46, dnxcore50, >= netstandard13
      System.Resources.ResourceManager (>= 4.0.1) - framework: >= net46, dnxcore50, >= netstandard13
      System.Runtime (>= 4.1) - framework: >= net46, dnxcore50, >= netstandard10
      System.Threading (>= 4.0.11) - framework: >= net46, dnxcore50, >= netstandard13
    System.Reflection (4.1) - framework: net46, >= net46, dnxcore50, >= netstandard10, netstandard13, >= netstandard13, >= netstandard15
      Microsoft.NETCore.Platforms (>= 1.0.1) - framework: net46, >= net462, dnxcore50, >= netstandard10
      Microsoft.NETCore.Targets (>= 1.0.1) - framework: net46, >= net462, dnxcore50, >= netstandard10
      System.IO (>= 4.1) - framework: net46, >= net462, dnxcore50, >= netstandard10
      System.Reflection.Primitives (>= 4.0.1) - framework: net46, >= net462, dnxcore50, >= netstandard10
      System.Runtime (>= 4.1) - framework: net46, >= net462, dnxcore50, >= netstandard10
    System.Reflection.Emit (4.0.1) - framework: >= net46, >= netstandard13, >= netstandard16
      System.IO (>= 4.1) - framework: >= net45, >= netstandard11
      System.Reflection (>= 4.1) - framework: >= net45, >= netstandard11
      System.Reflection.Emit.ILGeneration (>= 4.0.1) - framework: >= net45, >= netstandard11, monotouch, xamarinios
      System.Reflection.Primitives (>= 4.0.1) - framework: >= net45, >= netstandard11
      System.Runtime (>= 4.1) - framework: >= net45, >= netstandard11
    System.Reflection.Emit.ILGeneration (4.0.1) - framework: >= net46, dnxcore50, >= netstandard13, >= netstandard16
      System.Reflection (>= 4.1) - framework: >= netstandard10
      System.Reflection.Primitives (>= 4.0.1) - framework: >= netstandard10
      System.Runtime (>= 4.1) - framework: >= netstandard10
    System.Reflection.Emit.Lightweight (4.0.1) - framework: >= net463, dnxcore50, >= netstandard16
      System.Reflection (>= 4.1) - framework: >= netstandard10
      System.Reflection.Emit.ILGeneration (>= 4.0.1) - framework: >= netstandard10, monoandroid, monotouch, xamarinios, xamarinmac
      System.Reflection.Primitives (>= 4.0.1) - framework: >= netstandard10
      System.Runtime (>= 4.1) - framework: >= netstandard10
    System.Reflection.Extensions (4.0.1) - framework: >= net463, dnxcore50, >= netstandard10, >= netstandard16
      Microsoft.NETCore.Platforms (>= 1.0.1) - framework: dnxcore50, >= netstandard10
      Microsoft.NETCore.Targets (>= 1.0.1) - framework: dnxcore50, >= netstandard10
      System.Reflection (>= 4.1) - framework: dnxcore50, >= netstandard10
      System.Runtime (>= 4.1) - framework: dnxcore50, >= netstandard10
    System.Reflection.Metadata (1.3)
      System.Collections (>= 4.0.11) - framework: >= netstandard11
      System.Collections.Immutable (>= 1.1.37) - framework: portable-net45+win8
      System.Collections.Immutable (>= 1.2) - framework: >= net45, >= netstandard11, monoandroid, monotouch, xamarinios, xamarinmac, winv4.5, wpav8.1
      System.Diagnostics.Debug (>= 4.0.11) - framework: >= netstandard11
      System.IO (>= 4.1) - framework: >= netstandard11
      System.Linq (>= 4.1) - framework: >= netstandard11
      System.Reflection (>= 4.1) - framework: >= netstandard11
      System.Reflection.Extensions (>= 4.0.1) - framework: >= netstandard11
      System.Reflection.Primitives (>= 4.0.1) - framework: >= netstandard11
      System.Resources.ResourceManager (>= 4.0.1) - framework: >= netstandard11
      System.Runtime (>= 4.1) - framework: >= netstandard11
      System.Runtime.Extensions (>= 4.1) - framework: >= netstandard11
      System.Runtime.InteropServices (>= 4.1) - framework: >= netstandard11
      System.Text.Encoding (>= 4.0.11) - framework: >= netstandard11
      System.Text.Encoding.Extensions (>= 4.0.11) - framework: >= netstandard11
      System.Threading (>= 4.0.11) - framework: >= netstandard11
    System.Reflection.Primitives (4.0.1) - framework: net46, >= net46, dnxcore50, >= netstandard10, netstandard13, >= netstandard13, >= netstandard15
      Microsoft.NETCore.Platforms (>= 1.0.1) - framework: dnxcore50, >= netstandard10
      Microsoft.NETCore.Targets (>= 1.0.1) - framework: dnxcore50, >= netstandard10
      System.Runtime (>= 4.1) - framework: dnxcore50, >= netstandard10
    System.Reflection.TypeExtensions (4.1) - framework: >= net46, dnxcore50, >= netstandard13, >= netstandard16
      System.Reflection (>= 4.1) - framework: >= net462, dnxcore50, netstandard13, >= netstandard15
      System.Runtime (>= 4.1) - framework: dnxcore50, netstandard13, >= netstandard15
    System.Resources.ResourceManager (4.0.1) - framework: net46, >= net46, dnxcore50, >= netstandard10, >= netstandard13, >= netstandard15
      Microsoft.NETCore.Platforms (>= 1.0.1) - framework: dnxcore50, >= netstandard10
      Microsoft.NETCore.Targets (>= 1.0.1) - framework: dnxcore50, >= netstandard10
      System.Globalization (>= 4.0.11) - framework: dnxcore50, >= netstandard10
      System.Reflection (>= 4.1) - framework: dnxcore50, >= netstandard10
      System.Runtime (>= 4.1) - framework: dnxcore50, >= netstandard10
    System.Runtime (4.1)
      Microsoft.NETCore.Platforms (>= 1.0.1) - framework: net451, net452, net453, net46, >= net462, dnxcore50, >= netstandard10
      Microsoft.NETCore.Targets (>= 1.0.1) - framework: net451, net452, net453, net46, >= net462, dnxcore50, >= netstandard10
    System.Runtime.Extensions (4.1) - framework: >= net46, dnxcore50, >= netstandard10, >= netstandard13, >= netstandard15
      Microsoft.NETCore.Platforms (>= 1.0.1) - framework: net46, >= net462, dnxcore50, >= netstandard10
      Microsoft.NETCore.Targets (>= 1.0.1) - framework: net46, >= net462, dnxcore50, >= netstandard10
      System.Runtime (>= 4.1) - framework: net46, >= net462, dnxcore50, >= netstandard10
    System.Runtime.Handles (4.0.1) - framework: >= net46, >= netstandard13, >= netstandard15
      Microsoft.NETCore.Platforms (>= 1.0.1) - framework: >= net46, >= netstandard13
      Microsoft.NETCore.Targets (>= 1.0.1) - framework: >= net46, >= netstandard13
      System.Runtime (>= 4.1) - framework: >= net46, >= netstandard13
    System.Runtime.InteropServices (4.1) - framework: >= net46, >= netstandard11, >= netstandard13, >= netstandard15
      Microsoft.NETCore.Platforms (>= 1.0.1) - framework: dnxcore50, netstandard11, netstandard12, netstandard13, >= netstandard15
      Microsoft.NETCore.Targets (>= 1.0.1) - framework: dnxcore50, netstandard11, netstandard12, netstandard13, >= netstandard15
      System.Reflection (>= 4.1) - framework: dnxcore50, netstandard11, netstandard12, netstandard13, >= netstandard15
      System.Reflection.Primitives (>= 4.0.1) - framework: dnxcore50, netstandard11, netstandard12, netstandard13, >= netstandard15
      System.Runtime (>= 4.1) - framework: >= net462, dnxcore50, netstandard11, netstandard12, netstandard13, >= netstandard15
      System.Runtime.Handles (>= 4.0.1) - framework: dnxcore50, netstandard13, >= netstandard15
    System.Runtime.InteropServices.RuntimeInformation (4.0) - framework: >= netstandard15
      Microsoft.NETCore.Platforms (>= 1.0.1) - framework: >= net45, dnxcore50, >= netstandard11
      runtime.native.System (>= 4.0) - framework: >= net45, >= netstandard11
      System.Reflection (>= 4.1) - framework: >= net45, dnxcore50, >= netstandard11
      System.Resources.ResourceManager (>= 4.0.1) - framework: >= net45, dnxcore50, >= netstandard11
      System.Runtime (>= 4.1) - framework: >= net45, dnxcore50, >= netstandard11
      System.Runtime.InteropServices (>= 4.1) - framework: >= net45, >= netstandard11
      System.Threading (>= 4.0.11) - framework: >= net45, dnxcore50, >= netstandard11
    System.Runtime.Numerics (4.0.1) - framework: >= net46
      System.Globalization (>= 4.0.11) - framework: >= net46, dnxcore50, >= netstandard13
      System.Resources.ResourceManager (>= 4.0.1) - framework: >= net46, dnxcore50, >= netstandard13
      System.Runtime (>= 4.1) - framework: net45, >= net46, dnxcore50, >= netstandard11
      System.Runtime.Extensions (>= 4.1) - framework: >= net46, dnxcore50, >= netstandard13
    System.Runtime.Serialization.Primitives (4.1.1) - framework: >= netstandard10
      System.Resources.ResourceManager (>= 4.0.1) - framework: >= net46, dnxcore50, >= netstandard13
      System.Runtime (>= 4.1) - framework: >= net46, dnxcore50, >= netstandard10
    System.Security.Cryptography.Algorithms (4.2) - framework: >= net46
      System.IO (>= 4.1) - framework: >= net463, dnxcore50, netstandard13, netstandard14, >= netstandard16
      System.Runtime (>= 4.1) - framework: >= net463, dnxcore50, netstandard13, netstandard14, >= netstandard16
      System.Security.Cryptography.Encoding (>= 4.0) - framework: >= net463, dnxcore50, >= netstandard16
      System.Security.Cryptography.Primitives (>= 4.0) - framework: net46, net461, >= net463, dnxcore50, netstandard13, netstandard14, >= netstandard16
    System.Security.Cryptography.Encoding (4.0) - framework: >= net46
      Microsoft.NETCore.Platforms (>= 1.0.1) - framework: >= net46, >= netstandard13
      runtime.native.System.Security.Cryptography (>= 4.0) - framework: >= net46, >= netstandard13
      System.Collections (>= 4.0.11) - framework: >= net46, >= netstandard13
      System.Collections.Concurrent (>= 4.0.12) - framework: >= net46, >= netstandard13
      System.Linq (>= 4.1) - framework: >= net46, >= netstandard13
      System.Resources.ResourceManager (>= 4.0.1) - framework: >= net46, >= netstandard13
      System.Runtime (>= 4.1) - framework: >= net46, >= netstandard13
      System.Runtime.Extensions (>= 4.1) - framework: >= net46, >= netstandard13
      System.Runtime.Handles (>= 4.0.1) - framework: >= net46, >= netstandard13
      System.Runtime.InteropServices (>= 4.1) - framework: >= net46, >= netstandard13
      System.Security.Cryptography.Primitives (>= 4.0) - framework: >= net46, >= netstandard13
      System.Text.Encoding (>= 4.0.11) - framework: >= net46, >= netstandard13
    System.Security.Cryptography.Primitives (4.0) - framework: >= net46
      System.Diagnostics.Debug (>= 4.0.11) - framework: >= net46, >= netstandard13
      System.Globalization (>= 4.0.11) - framework: >= net46, >= netstandard13
      System.IO (>= 4.1) - framework: >= net46, >= netstandard13
      System.Resources.ResourceManager (>= 4.0.1) - framework: >= net46, >= netstandard13
      System.Runtime (>= 4.1) - framework: >= net46, >= netstandard13
      System.Threading (>= 4.0.11) - framework: >= net46, >= netstandard13
      System.Threading.Tasks (>= 4.0.11) - framework: >= net46, >= netstandard13
    System.Security.Cryptography.X509Certificates (4.1) - framework: >= net46
      System.Security.Cryptography.Algorithms (>= 4.2) - framework: net46, >= net461, dnxcore50, netstandard13, netstandard14, >= netstandard16
      System.Security.Cryptography.Encoding (>= 4.0) - framework: net46, >= net461, dnxcore50, netstandard13, netstandard14, >= netstandard16
    System.Text.Encoding (4.0.11) - framework: net46, >= net46, dnxcore50, >= netstandard10, netstandard13, >= netstandard13, >= netstandard15
      Microsoft.NETCore.Platforms (>= 1.0.1) - framework: >= net46, dnxcore50, >= netstandard10
      Microsoft.NETCore.Targets (>= 1.0.1) - framework: >= net46, dnxcore50, >= netstandard10
      System.Runtime (>= 4.1) - framework: >= net46, dnxcore50, >= netstandard10
    System.Text.Encoding.CodePages (4.0.1) - framework: >= net46
      Microsoft.NETCore.Platforms (>= 1.0.1) - framework: >= net46, >= netstandard13
      System.Collections (>= 4.0.11) - framework: >= net46, >= netstandard13
      System.Globalization (>= 4.0.11) - framework: >= net46, >= netstandard13
      System.IO (>= 4.1) - framework: >= net46, >= netstandard13
      System.Reflection (>= 4.1) - framework: >= net46, >= netstandard13
      System.Resources.ResourceManager (>= 4.0.1) - framework: >= net46, >= netstandard13
      System.Runtime (>= 4.1) - framework: >= net46, >= netstandard13
      System.Runtime.Extensions (>= 4.1) - framework: >= net46, >= netstandard13
      System.Runtime.Handles (>= 4.0.1) - framework: >= net46, >= netstandard13
      System.Runtime.InteropServices (>= 4.1) - framework: >= net46, >= netstandard13
      System.Text.Encoding (>= 4.0.11) - framework: >= net46, >= netstandard13
      System.Threading (>= 4.0.11) - framework: >= net46, >= netstandard13
    System.Text.Encoding.Extensions (4.0.11) - framework: >= net46, >= netstandard10, >= netstandard13, >= netstandard15
      Microsoft.NETCore.Platforms (>= 1.0.1) - framework: >= net46, dnxcore50, >= netstandard10
      Microsoft.NETCore.Targets (>= 1.0.1) - framework: >= net46, dnxcore50, >= netstandard10
      System.Runtime (>= 4.1) - framework: >= net46, dnxcore50, >= netstandard10
      System.Text.Encoding (>= 4.0.11) - framework: >= net46, dnxcore50, >= netstandard10
    System.Text.RegularExpressions (4.1) - framework: >= net46, dnxcore50, >= netstandard10, >= netstandard13, >= netstandard15
      System.Collections (>= 4.0.11) - framework: >= net463, dnxcore50, >= netstandard16
      System.Globalization (>= 4.0.11) - framework: >= net463, dnxcore50, >= netstandard16
      System.Resources.ResourceManager (>= 4.0.1) - framework: >= net463, dnxcore50, >= netstandard16
      System.Runtime (>= 4.1) - framework: net46, >= net463, dnxcore50, >= netstandard10
      System.Runtime.Extensions (>= 4.1) - framework: >= net463, dnxcore50, >= netstandard16
      System.Threading (>= 4.0.11) - framework: >= net463, dnxcore50, >= netstandard16
    System.Threading (4.0.11) - framework: net46, >= net46, dnxcore50, >= netstandard10, >= netstandard13, >= netstandard15
      System.Runtime (>= 4.1) - framework: >= net46, dnxcore50, >= netstandard10
      System.Threading.Tasks (>= 4.0.11) - framework: >= net46, dnxcore50, >= netstandard10
    System.Threading.Tasks (4.0.11) - framework: >= net45, dnxcore50, >= netstandard10, netstandard13, >= netstandard13, >= netstandard15
      Microsoft.NETCore.Platforms (>= 1.0.1) - framework: >= net46, dnxcore50, >= netstandard10
      Microsoft.NETCore.Targets (>= 1.0.1) - framework: >= net46, dnxcore50, >= netstandard10
      System.Runtime (>= 4.1) - framework: >= net46, dnxcore50, >= netstandard10
    System.Threading.Tasks.Extensions (4.0) - framework: >= net45, >= netstandard13, >= netstandard15
      System.Collections (>= 4.0.11) - framework: >= netstandard10
      System.Runtime (>= 4.1) - framework: >= netstandard10
      System.Threading.Tasks (>= 4.0.11) - framework: >= netstandard10
    System.Threading.Tasks.Parallel (4.0.1) - framework: >= net46
      System.Collections.Concurrent (>= 4.0.12) - framework: net45, >= net46, dnxcore50, >= netstandard11
      System.Diagnostics.Debug (>= 4.0.11) - framework: >= net46, dnxcore50, >= netstandard13
      System.Diagnostics.Tracing (>= 4.1) - framework: >= net46, dnxcore50, >= netstandard13
      System.Resources.ResourceManager (>= 4.0.1) - framework: >= net46, dnxcore50, >= netstandard13
      System.Runtime (>= 4.1) - framework: net45, >= net46, dnxcore50, >= netstandard11
      System.Runtime.Extensions (>= 4.1) - framework: >= net46, dnxcore50, >= netstandard13
      System.Threading (>= 4.0.11) - framework: >= net46, dnxcore50, >= netstandard13
      System.Threading.Tasks (>= 4.0.11) - framework: net45, >= net46, dnxcore50, >= netstandard11
    System.Threading.Thread (4.0) - framework: >= net46, >= netstandard15
      System.Runtime (>= 4.1) - framework: >= net46, >= netstandard13
    System.Threading.ThreadPool (4.0.10) - framework: >= netstandard15
      System.Runtime (>= 4.1) - framework: >= net46, >= netstandard13
      System.Runtime.Handles (>= 4.0.1) - framework: >= net46, >= netstandard13
    System.Xml.ReaderWriter (4.0.11) - framework: >= net46, >= netstandard10, >= netstandard13, >= netstandard15
      System.Collections (>= 4.0.11) - framework: >= net46, dnxcore50, >= netstandard13
      System.Diagnostics.Debug (>= 4.0.11) - framework: >= net46, dnxcore50, >= netstandard13
      System.Globalization (>= 4.0.11) - framework: >= net46, dnxcore50, >= netstandard13
      System.IO (>= 4.1) - framework: >= net46, dnxcore50, >= netstandard10
      System.IO.FileSystem (>= 4.0.1) - framework: >= net46, dnxcore50, >= netstandard13
      System.IO.FileSystem.Primitives (>= 4.0.1) - framework: >= net46, dnxcore50, >= netstandard13
      System.Resources.ResourceManager (>= 4.0.1) - framework: >= net46, dnxcore50, >= netstandard13
      System.Runtime (>= 4.1) - framework: >= net46, dnxcore50, >= netstandard10
      System.Runtime.Extensions (>= 4.1) - framework: >= net46, dnxcore50, >= netstandard13
      System.Runtime.InteropServices (>= 4.1) - framework: >= net46, dnxcore50, >= netstandard13
      System.Text.Encoding (>= 4.0.11) - framework: >= net46, dnxcore50, >= netstandard10
      System.Text.Encoding.Extensions (>= 4.0.11) - framework: >= net46, dnxcore50, >= netstandard13
      System.Text.RegularExpressions (>= 4.1) - framework: >= net46, dnxcore50, >= netstandard13
      System.Threading.Tasks (>= 4.0.11) - framework: >= net46, dnxcore50, >= netstandard10
      System.Threading.Tasks.Extensions (>= 4.0) - framework: >= net46, dnxcore50, >= netstandard13
    System.Xml.XDocument (4.0.11) - framework: >= net46, >= netstandard10
      System.Collections (>= 4.0.11) - framework: >= net46, dnxcore50, >= netstandard13
      System.Diagnostics.Debug (>= 4.0.11) - framework: >= net46, dnxcore50, >= netstandard13
      System.Diagnostics.Tools (>= 4.0.1) - framework: >= net46, dnxcore50, >= netstandard13
      System.Globalization (>= 4.0.11) - framework: >= net46, dnxcore50, >= netstandard13
      System.IO (>= 4.1) - framework: >= net46, dnxcore50, >= netstandard10
      System.Reflection (>= 4.1) - framework: >= net46, dnxcore50, >= netstandard13
      System.Resources.ResourceManager (>= 4.0.1) - framework: >= net46, dnxcore50, >= netstandard13
      System.Runtime (>= 4.1) - framework: >= net46, dnxcore50, >= netstandard10
      System.Runtime.Extensions (>= 4.1) - framework: >= net46, dnxcore50, >= netstandard13
      System.Text.Encoding (>= 4.0.11) - framework: >= net46, dnxcore50, >= netstandard13
      System.Threading (>= 4.0.11) - framework: >= net46, dnxcore50, >= netstandard13
      System.Xml.ReaderWriter (>= 4.0.11) - framework: >= net46, dnxcore50, >= netstandard10
    System.Xml.XmlDocument (4.0.1) - framework: >= net46, >= netstandard15
      System.Collections (>= 4.0.11) - framework: >= net46, >= netstandard13
      System.Diagnostics.Debug (>= 4.0.11) - framework: >= net46, >= netstandard13
      System.Globalization (>= 4.0.11) - framework: >= net46, >= netstandard13
      System.IO (>= 4.1) - framework: >= net46, >= netstandard13
      System.Resources.ResourceManager (>= 4.0.1) - framework: >= net46, >= netstandard13
      System.Runtime (>= 4.1) - framework: >= net46, >= netstandard13
      System.Runtime.Extensions (>= 4.1) - framework: >= net46, >= netstandard13
      System.Text.Encoding (>= 4.0.11) - framework: >= net46, >= netstandard13
      System.Threading (>= 4.0.11) - framework: >= net46, >= netstandard13
      System.Xml.ReaderWriter (>= 4.0.11) - framework: >= net46, >= netstandard13
    System.Xml.XPath (4.0.1) - framework: >= net46, >= netstandard15
      System.Collections (>= 4.0.11) - framework: >= net46, >= netstandard13
      System.Diagnostics.Debug (>= 4.0.11) - framework: >= net46, >= netstandard13
      System.Globalization (>= 4.0.11) - framework: >= net46, >= netstandard13
      System.IO (>= 4.1) - framework: >= net46, >= netstandard13
      System.Resources.ResourceManager (>= 4.0.1) - framework: >= net46, >= netstandard13
      System.Runtime (>= 4.1) - framework: >= net46, >= netstandard13
      System.Runtime.Extensions (>= 4.1) - framework: >= net46, >= netstandard13
      System.Threading (>= 4.0.11) - framework: >= net46, >= netstandard13
      System.Xml.ReaderWriter (>= 4.0.11) - framework: >= net46, >= netstandard13
    System.Xml.XPath.XDocument (4.0.1) - framework: >= net46
      System.Xml.XPath (>= 4.0.1) - framework: >= net46, >= netstandard13
    System.Xml.XPath.XmlDocument (4.0.1) - framework: >= netstandard15
      System.Collections (>= 4.0.11) - framework: >= netstandard13
      System.Globalization (>= 4.0.11) - framework: >= netstandard13
      System.IO (>= 4.1) - framework: >= netstandard13
      System.Resources.ResourceManager (>= 4.0.1) - framework: >= netstandard13
      System.Runtime (>= 4.1) - framework: >= netstandard13
      System.Runtime.Extensions (>= 4.1) - framework: >= netstandard13
      System.Threading (>= 4.0.11) - framework: >= netstandard13
      System.Xml.ReaderWriter (>= 4.0.11) - framework: >= netstandard13
      System.Xml.XmlDocument (>= 4.0.1) - framework: >= net46, >= netstandard13
      System.Xml.XPath (>= 4.0.1) - framework: >= net46, >= netstandard13
    xunit (2.1)
      xunit.assert (2.1)
      xunit.core (2.1)
    xunit.abstractions (2.0) - framework: >= net45, dnx451, dnxcore50, monoandroid, monotouch, portable-net45+win80+wp80+wpa81, xamarinios, winv4.5, wpv8.0, wpav8.1
    xunit.assert (2.1)
      System.Collections (>= 4.0) - framework: dnxcore50
      System.Diagnostics.Debug (>= 4.0) - framework: dnxcore50
      System.Globalization (>= 4.0) - framework: dnxcore50
      System.Linq (>= 4.0) - framework: dnxcore50
      System.ObjectModel (>= 4.0) - framework: dnxcore50
      System.Reflection (>= 4.0) - framework: dnxcore50
      System.Reflection.Extensions (>= 4.0) - framework: dnxcore50
      System.Runtime (>= 4.0) - framework: dnxcore50
      System.Runtime.Extensions (>= 4.0) - framework: dnxcore50
      System.Text.RegularExpressions (>= 4.0) - framework: dnxcore50
      System.Threading.Tasks (>= 4.0) - framework: dnxcore50
    xunit.core (2.1)
      System.Collections (>= 4.0) - framework: dnxcore50
      System.Diagnostics.Debug (>= 4.0) - framework: dnxcore50
      System.Globalization (>= 4.0) - framework: dnxcore50
      System.Linq (>= 4.0) - framework: dnxcore50
      System.Reflection (>= 4.0) - framework: dnxcore50
      System.Reflection.Extensions (>= 4.0) - framework: dnxcore50
      System.Runtime (>= 4.0) - framework: dnxcore50
      System.Runtime.Extensions (>= 4.0) - framework: dnxcore50
      System.Threading.Tasks (>= 4.0) - framework: dnxcore50
      xunit.abstractions (>= 2.0) - framework: dnxcore50
      xunit.extensibility.core (2.1) - framework: >= net45, dnx451, dnxcore50, monoandroid, monotouch, portable-net45+win80+wp80+wpa81, xamarinios, winv4.5, wpv8.0, wpav8.1
      xunit.extensibility.execution (2.1) - framework: >= net45, dnx451, dnxcore50, monoandroid, monotouch, portable-net45+win80+wp80+wpa81, xamarinios, winv4.5, wpv8.0, wpav8.1
    xunit.extensibility.core (2.1) - framework: >= net45, dnx451, dnxcore50, monoandroid, monotouch, portable-net45+win80+wp80+wpa81, xamarinios, winv4.5, wpv8.0, wpav8.1
      xunit.abstractions (2.0)
    xunit.extensibility.execution (2.1) - framework: >= net45, dnx451, dnxcore50, monoandroid, monotouch, portable-net45+win80+wp80+wpa81, xamarinios, winv4.5, wpv8.0, wpav8.1
      System.Collections (>= 4.0) - framework: dnxcore50
      System.Diagnostics.Debug (>= 4.0) - framework: dnxcore50
      System.Globalization (>= 4.0) - framework: dnxcore50
      System.IO (>= 4.0) - framework: dnxcore50
      System.Linq (>= 4.0) - framework: dnxcore50
      System.Linq.Expressions (>= 4.0) - framework: dnxcore50
      System.Reflection (>= 4.0) - framework: dnxcore50
      System.Reflection.Extensions (>= 4.0) - framework: dnxcore50
      System.Runtime (>= 4.0) - framework: dnxcore50
      System.Runtime.Extensions (>= 4.0) - framework: dnxcore50
      System.Text.Encoding (>= 4.0) - framework: dnxcore50
      System.Threading (>= 4.0) - framework: dnxcore50
      System.Threading.Tasks (>= 4.0) - framework: dnxcore50
      xunit.abstractions (>= 2.0) - framework: dnxcore50
      xunit.extensibility.core (2.1) - framework: >= net45, dnx451, dnxcore50, monoandroid, monotouch, xamarinios, winv4.5, wpv8.0, wpav8.1

GROUP Build
NUGET
  remote: https://www.nuget.org/api/v2
    FAKE (4.61.2)
    FParsec (1.0.2)
    FSharp.Compiler.Service (2.0.0.6)
    FSharp.Formatting (2.14.4)
      FSharp.Compiler.Service (2.0.0.6)
      FSharpVSPowerTools.Core (>= 2.3 < 2.4)
    FSharpVSPowerTools.Core (2.3)
      FSharp.Compiler.Service (>= 2.0.0.3)
    Microsoft.Bcl (1.1.10) - framework: net10, net11, net20, net30, net35, net40, net40-full
      Microsoft.Bcl.Build (>= 1.0.14)
    Microsoft.Bcl.Build (1.0.21) - import_targets: false, framework: net10, net11, net20, net30, net35, net40, net40-full
    Microsoft.Net.Http (2.2.29) - framework: net10, net11, net20, net30, net35, net40, net40-full
      Microsoft.Bcl (>= 1.1.10)
      Microsoft.Bcl.Build (>= 1.0.14)
    Octokit (0.21.1)
      Microsoft.Net.Http  - framework: net10, net11, net20, net30, net35, net40, net40-full
    SourceLink.Fake (1.1)
GITHUB
  remote: fsharp/FAKE
    modules/Octokit/Octokit.fsx (43917109af4ef38194d8993215c3e7c862b19d36)
      Octokit (>= 0.20)
GROUP Test
NUGET
  remote: https://www.nuget.org/api/v2
    FsCheck (2.6)
      FSharp.Core (>= 3.1.2.5)
    FSharp.Core (4.0.0.1)
    xunit (1.9.2)
    xunit.runners (1.9.2)
